PATH
  remote: .
  specs:
    auto_define_scope (0.0.2)
      filterrific (>= 5.1.0)

GEM
  remote: https://rubygems.org/
  specs:
    filterrific (5.2.1)
    rake (10.5.0)

PLATFORMS
  ruby

DEPENDENCIES
  auto_define_scope!
  bundler (~> 1.17)
  rake (~> 10.0)

BUNDLED WITH
   1.17.3
